GIT
  remote: git://github.com/digitalmoksha/aced_rails.git
  revision: 4a2387c4df23eb3c508af964add46f5c29a41a93
  specs:
    aced_rails (0.2.2)
      rails (>= 3.2)

GIT
  remote: git://github.com/digitalmoksha/dm_cms.git
  revision: a24d32f9c49fe0599de758b708c936200c099b8a
  specs:
    dm_cms (0.0.4)
      acts_as_list (~> 0.2)
      ancestry
      rails (~> 3.2.11)

GIT
  remote: git://github.com/digitalmoksha/dm_core.git
  revision: 097e25489b8af846a22e253597afd551ebdee547
  specs:
    dm_core (0.0.6)
      RedCloth (~> 4.2)
      aasm
      acts_as_commentable (~> 4.0)
      amoeba (~> 2.0)
      ancestry
      bluecloth (~> 2.2)
      cancan (~> 1.6)
      country_select
      devise (~> 2.1)
      exception_notification (= 4.0.0)
      friendly_id (~> 4.0.9)
      globalize (= 3.0.0)
      jquery-rails
      jquery-ui-rails
      kramdown
      liquid (~> 2.3)
      money-rails
      mysql2 (>= 0.3.11)
      paper_trail (~> 2)
      rails (~> 3.2.13)
      ranked-model
      rolify (>= 3.2.0)
      simple_form (~> 2.0)
      will_paginate (~> 3.0)

GIT
  remote: git://github.com/digitalmoksha/dm_ruby_extensions.git
  revision: 5d22565bf007b58595e07b1e0d89bd84a20b37bf
  specs:
    dm_ruby_extensions (0.0.2)

GIT
  remote: git://github.com/digitalmoksha/preferences.git
  revision: ca4bd1f4f8735f921407d46116fbeb287a432d3a
  specs:
    preferences (0.5.0)

GIT
  remote: git://github.com/digitalmoksha/themes_for_rails.git
  revision: d01ad0fbc4424ccdc5e5cac5fe8f7c0eb3dda51b
  specs:
    themes_for_rails (0.5.2)
      rails (>= 3.2.0)

PATH
  remote: .
  specs:
    dm_event (0.0.1)
      activemerchant (~> 1.38.0)
      carrierwave (~> 0.5.7)
      mini_magick (~> 3.3)
      money-rails
      rails (~> 3.2.13)
      ranked-model

GEM
  remote: http://rubygems.org/
  specs:
    RedCloth (4.2.9)
    aasm (3.0.24)
    actionmailer (3.2.16)
      actionpack (= 3.2.16)
      mail (~> 2.5.4)
    actionpack (3.2.16)
      activemodel (= 3.2.16)
      activesupport (= 3.2.16)
      builder (~> 3.0.0)
      erubis (~> 2.7.0)
      journey (~> 1.0.4)
      rack (~> 1.4.5)
      rack-cache (~> 1.2)
      rack-test (~> 0.6.1)
      sprockets (~> 2.2.1)
    active_utils (2.0.1)
      activesupport (>= 2.3.11)
      i18n
    activemerchant (1.38.1)
      active_utils (~> 2.0)
      activesupport (>= 2.3.14, < 5.0.0)
      builder (>= 2.1.2, < 4.0.0)
      i18n (~> 0.5)
      json (~> 1.7)
      money (< 6.0.0)
      nokogiri (~> 1.4)
    activemodel (3.2.16)
      activesupport (= 3.2.16)
      builder (~> 3.0.0)
    activerecord (3.2.16)
      activemodel (= 3.2.16)
      activesupport (= 3.2.16)
      arel (~> 3.0.2)
      tzinfo (~> 0.3.29)
    activeresource (3.2.16)
      activemodel (= 3.2.16)
      activesupport (= 3.2.16)
    activesupport (3.2.16)
      i18n (~> 0.6, >= 0.6.4)
      multi_json (~> 1.0)
    acts_as_commentable (4.0.1)
    acts_as_list (0.3.0)
      activerecord (>= 3.0)
    amoeba (2.0.0)
      activerecord (>= 3.0)
    ancestry (2.0.0)
      activerecord (>= 3.0.0)
    arel (3.0.3)
    bcrypt-ruby (3.1.2)
    bluecloth (2.2.0)
    builder (3.0.4)
    cancan (1.6.10)
    capybara (2.2.0)
      mime-types (>= 1.16)
      nokogiri (>= 1.3.3)
      rack (>= 1.0.0)
      rack-test (>= 0.5.4)
      xpath (~> 2.0)
    carrierwave (0.5.8)
      activesupport (~> 3.0)
    columnize (0.3.6)
    country_select (1.2.0)
    debugger (1.6.3)
      columnize (>= 0.3.1)
      debugger-linecache (~> 1.2.0)
      debugger-ruby_core_source (~> 1.2.4)
    debugger-linecache (1.2.0)
    debugger-ruby_core_source (1.2.4)
    devise (2.2.8)
      bcrypt-ruby (~> 3.0)
      orm_adapter (~> 0.1)
      railties (~> 3.1)
      warden (~> 1.2.1)
    diff-lcs (1.2.5)
    erubis (2.7.0)
    exception_notification (4.0.0)
      actionmailer (>= 3.0.4)
      activesupport (>= 3.0.4)
    factory_girl (4.3.0)
      activesupport (>= 3.0.0)
    factory_girl_rails (4.3.0)
      factory_girl (~> 4.3.0)
      railties (>= 3.0.0)
    friendly_id (4.0.10.1)
      activerecord (>= 3.0, < 4.0)
    globalize (3.0.0)
      activemodel (>= 3.0.0)
      activerecord (>= 3.0.0)
      paper_trail (~> 2)
    hike (1.2.3)
    i18n (0.6.9)
    journey (1.0.4)
    jquery-rails (3.0.4)
      railties (>= 3.0, < 5.0)
      thor (>= 0.14, < 2.0)
    jquery-ui-rails (4.1.0)
      railties (>= 3.1.0)
    json (1.8.1)
    kramdown (1.2.0)
    liquid (2.6.0)
    mail (2.5.4)
      mime-types (~> 1.16)
      treetop (~> 1.4.8)
    mime-types (1.25.1)
    mini_magick (3.6.0)
      subexec (~> 0.2.1)
    mini_portile (0.5.2)
    money (5.1.1)
      i18n (~> 0.6.0)
    money-rails (0.8.1)
      activesupport (>= 3.0)
      money (~> 5.1.0)
      railties (>= 3.0)
    multi_json (1.8.2)
    mysql2 (0.3.14)
    nokogiri (1.6.0)
      mini_portile (~> 0.5.0)
    orm_adapter (0.5.0)
    paper_trail (2.7.2)
      activerecord (~> 3.0)
      railties (~> 3.0)
    polyglot (0.3.3)
    rack (1.4.5)
    rack-cache (1.2)
      rack (>= 0.4)
    rack-ssl (1.3.3)
      rack
    rack-test (0.6.2)
      rack (>= 1.0)
    rails (3.2.16)
      actionmailer (= 3.2.16)
      actionpack (= 3.2.16)
      activerecord (= 3.2.16)
      activeresource (= 3.2.16)
      activesupport (= 3.2.16)
      bundler (~> 1.0)
      railties (= 3.2.16)
    railties (3.2.16)
      actionpack (= 3.2.16)
      activesupport (= 3.2.16)
      rack-ssl (~> 1.3.2)
      rake (>= 0.8.7)
      rdoc (~> 3.4)
      thor (>= 0.14.6, < 2.0)
    rake (10.1.0)
    ranked-model (0.3)
      activerecord (>= 3.1.12)
    rdoc (3.12.2)
      json (~> 1.4)
    rolify (3.2.0)
    rspec-core (2.14.7)
    rspec-expectations (2.14.4)
      diff-lcs (>= 1.1.3, < 2.0)
    rspec-mocks (2.14.4)
    rspec-rails (2.14.0)
      actionpack (>= 3.0)
      activesupport (>= 3.0)
      railties (>= 3.0)
      rspec-core (~> 2.14.0)
      rspec-expectations (~> 2.14.0)
      rspec-mocks (~> 2.14.0)
    ruby_gntp (0.3.4)
    simple_form (2.1.1)
      actionpack (~> 3.0)
      activemodel (~> 3.0)
    sprockets (2.2.2)
      hike (~> 1.2)
      multi_json (~> 1.0)
      rack (~> 1.0)
      tilt (~> 1.1, != 1.3.0)
    sqlite3 (1.3.8)
    subexec (0.2.3)
    thor (0.18.1)
    tilt (1.4.1)
    treetop (1.4.15)
      polyglot
      polyglot (>= 0.3.1)
    tzinfo (0.3.38)
    warden (1.2.3)
      rack (>= 1.0)
    will_paginate (3.0.5)
    xpath (2.0.0)
      nokogiri (~> 1.3)

PLATFORMS
  ruby

DEPENDENCIES
  aced_rails!
  capybara
  debugger
  dm_cms!
  dm_core!
  dm_event!
  dm_ruby_extensions!
  factory_girl_rails
  jquery-rails
  preferences!
  rspec-rails
  ruby_gntp
  sqlite3
  themes_for_rails!
