GIT
  remote: git://github.com/digitalmoksha/aced_rails.git
  revision: 4a2387c4df23eb3c508af964add46f5c29a41a93
  specs:
    aced_rails (0.2.2)
      rails (>= 3.2)

GIT
  remote: git://github.com/digitalmoksha/dm_ruby_extensions.git
  revision: e624c10e9df312740248d025979d518ae381cc2c
  specs:
    dm_ruby_extensions (0.0.2)

GIT
  remote: git://github.com/digitalmoksha/preferences.git
  revision: 5dbda1dc48dc3887ccdac2e0cce73d60bb8e8161
  specs:
    preferences (0.5.4)

GIT
  remote: git://github.com/digitalmoksha/themes_for_rails.git
  revision: a104e52fd8a7b5c42bd9d689b753390c54f2593f
  specs:
    themes_for_rails (0.5.2)
      rails (>= 3.2.0)

PATH
  remote: .
  specs:
    dm_cms (0.4.0)
      mail_form (~> 1.5.0)
      meta-tags-helpers (~> 0.2.0)
      rails (~> 4.0)

PATH
  remote: /Users/walkerbl/Sites/In_Development/_github/_moksha_gems/dm_core
  specs:
    dm_core (0.4.0)
      RedCloth (~> 4.2.9)
      aasm (~> 3.3.1)
      actionview-encoded_mail_to
      acts-as-taggable-on (~> 3.3)
      acts_as_commentable (~> 4.0.1)
      acts_as_follower (~> 0.2.1)
      acts_as_votable (~> 0.10.0)
      amoeba (~> 2.0)
      ancestry (~> 2.1.0)
      aws-sdk (~> 1.49)
      babosa (~> 0.3)
      biggs (~> 0.3.3)
      cancancan (~> 1.9)
      carrierwave (~> 0.10.0)
      codemirror-rails (~> 4.2)
      country_select (~> 1.3.1)
      devise (~> 3.2.4)
      exception_notification (= 4.0.1)
      friendly_id (~> 5.0.4)
      globalize (= 4.0.1)
      kramdown (~> 1.4.0)
      liquid (~> 2.6.1)
      mini_magick (~> 3.8.0)
      money-rails (~> 0.12.0)
      paper_trail (~> 3.0.3)
      rails (~> 4.1)
      ranked-model (~> 0.4.0)
      rolify (~> 3.4.0)
      sanitize (~> 3.0.0)
      simple_form (~> 3.1.0.rc2)
      will_paginate (~> 3.0.7)

GEM
  remote: http://rubygems.org/
  specs:
    RedCloth (4.2.9)
    aasm (3.3.3)
    actionmailer (4.1.8)
      actionpack (= 4.1.8)
      actionview (= 4.1.8)
      mail (~> 2.5, >= 2.5.4)
    actionpack (4.1.8)
      actionview (= 4.1.8)
      activesupport (= 4.1.8)
      rack (~> 1.5.2)
      rack-test (~> 0.6.2)
    actionview (4.1.8)
      activesupport (= 4.1.8)
      builder (~> 3.1)
      erubis (~> 2.7.0)
    actionview-encoded_mail_to (1.0.5)
      rails
    activemodel (4.1.8)
      activesupport (= 4.1.8)
      builder (~> 3.1)
    activerecord (4.1.8)
      activemodel (= 4.1.8)
      activesupport (= 4.1.8)
      arel (~> 5.0.0)
    activesupport (4.1.8)
      i18n (~> 0.6, >= 0.6.9)
      json (~> 1.7, >= 1.7.7)
      minitest (~> 5.1)
      thread_safe (~> 0.1)
      tzinfo (~> 1.1)
    acts-as-taggable-on (3.4.2)
      activerecord (>= 3.2, < 5)
    acts_as_commentable (4.0.2)
    acts_as_follower (0.2.1)
    acts_as_votable (0.10.0)
    addressable (2.3.6)
    amoeba (2.1.0)
      activerecord (>= 3.2.6, < 5)
    ancestry (2.1.0)
      activerecord (>= 3.0.0)
    arel (5.0.1.20140414130214)
    aws-sdk (1.58.0)
      aws-sdk-v1 (= 1.58.0)
    aws-sdk-v1 (1.58.0)
      json (~> 1.4)
      nokogiri (>= 1.4.4)
    babosa (0.3.11)
    bcrypt (3.1.9)
    biggs (0.3.3)
      activerecord (>= 3.0)
    builder (3.2.2)
    byebug (3.5.1)
      columnize (~> 0.8)
      debugger-linecache (~> 1.2)
      slop (~> 3.6)
    cancancan (1.9.2)
    capybara (2.4.4)
      mime-types (>= 1.16)
      nokogiri (>= 1.3.3)
      rack (>= 1.0.0)
      rack-test (>= 0.5.4)
      xpath (~> 2.0)
    carrierwave (0.10.0)
      activemodel (>= 3.2.0)
      activesupport (>= 3.2.0)
      json (>= 1.7)
      mime-types (>= 1.16)
    childprocess (0.5.5)
      ffi (~> 1.0, >= 1.0.11)
    codemirror-rails (4.5)
      railties (>= 3.0, < 5)
    columnize (0.8.9)
    countries (0.9.3)
      currencies (~> 0.4.2)
    country_select (1.3.1)
      countries (= 0.9.3)
    crass (0.2.1)
    currencies (0.4.2)
    daemons (1.1.9)
    database_cleaner (1.3.0)
    debugger-linecache (1.2.0)
    devise (3.2.4)
      bcrypt (~> 3.0)
      orm_adapter (~> 0.1)
      railties (>= 3.2.6, < 5)
      thread_safe (~> 0.1)
      warden (~> 1.2.3)
    diff-lcs (1.2.5)
    erubis (2.7.0)
    eventmachine (1.0.3)
    exception_notification (4.0.1)
      actionmailer (>= 3.0.4)
      activesupport (>= 3.0.4)
    factory_girl (4.4.0)
      activesupport (>= 3.0.0)
    factory_girl_rails (4.4.1)
      factory_girl (~> 4.4.0)
      railties (>= 3.0.0)
    faker (1.4.3)
      i18n (~> 0.5)
    ffi (1.9.6)
    friendly_id (5.0.4)
      activerecord (>= 4.0.0)
    globalize (4.0.1)
      activemodel (>= 4.0.0, < 5)
      activerecord (>= 4.0.0, < 5)
    hike (1.2.3)
    i18n (0.6.11)
    jquery-rails (3.1.2)
      railties (>= 3.0, < 5.0)
      thor (>= 0.14, < 2.0)
    jquery-ui-rails (5.0.2)
      railties (>= 3.2.16)
    json (1.8.1)
    kramdown (1.4.2)
    launchy (2.4.3)
      addressable (~> 2.3)
    liquid (2.6.1)
    macaddr (1.7.1)
      systemu (~> 2.6.2)
    mail (2.6.3)
      mime-types (>= 1.16, < 3)
    mail_form (1.5.0)
      actionmailer (>= 3.2, < 5)
      activemodel (>= 3.2, < 5)
    meta-tags-helpers (0.2.0)
      rails (> 3)
    metaclass (0.0.4)
    mime-types (2.4.3)
    mini_magick (3.8.1)
      subexec (~> 0.2.1)
    mini_portile (0.6.1)
    minitest (5.4.3)
    mocha (1.1.0)
      metaclass (~> 0.0.1)
    monetize (0.3.0)
      money (~> 6.1.0.beta1)
    money (6.1.1)
      i18n (~> 0.6.4)
    money-rails (0.12.0)
      activesupport (>= 3.0)
      monetize (~> 0.3.0)
      money (~> 6.1.1)
      railties (>= 3.0)
    multi_json (1.10.1)
    nokogiri (1.6.4.1)
      mini_portile (~> 0.6.0)
    nokogumbo (1.1.12)
      nokogiri
    orm_adapter (0.5.0)
    paper_trail (3.0.6)
      activerecord (>= 3.0, < 5.0)
      activesupport (>= 3.0, < 5.0)
    rack (1.5.2)
    rack-test (0.6.2)
      rack (>= 1.0)
    rails (4.1.8)
      actionmailer (= 4.1.8)
      actionpack (= 4.1.8)
      actionview (= 4.1.8)
      activemodel (= 4.1.8)
      activerecord (= 4.1.8)
      activesupport (= 4.1.8)
      bundler (>= 1.3.0, < 2.0)
      railties (= 4.1.8)
      sprockets-rails (~> 2.0)
    railties (4.1.8)
      actionpack (= 4.1.8)
      activesupport (= 4.1.8)
      rake (>= 0.8.7)
      thor (>= 0.18.1, < 2.0)
    rake (10.3.2)
    ranked-model (0.4.0)
      activerecord (>= 3.1.12)
    rolify (3.4.1)
    rspec-core (3.1.7)
      rspec-support (~> 3.1.0)
    rspec-expectations (3.1.2)
      diff-lcs (>= 1.2.0, < 2.0)
      rspec-support (~> 3.1.0)
    rspec-formatter-webkit (2.3.0)
    rspec-mocks (3.1.3)
      rspec-support (~> 3.1.0)
    rspec-rails (3.1.0)
      actionpack (>= 3.0)
      activesupport (>= 3.0)
      railties (>= 3.0)
      rspec-core (~> 3.1.0)
      rspec-expectations (~> 3.1.0)
      rspec-mocks (~> 3.1.0)
      rspec-support (~> 3.1.0)
    rspec-support (3.1.2)
    ruby-growl (4.1)
      uuid (~> 2.3, >= 2.3.5)
    rubyzip (1.1.6)
    sanitize (3.0.3)
      crass (~> 0.2.0)
      nokogiri (>= 1.4.4)
      nokogumbo (= 1.1.12)
    selenium-webdriver (2.43.0)
      childprocess (~> 0.5)
      multi_json (~> 1.0)
      rubyzip (~> 1.0)
      websocket (~> 1.0)
    simple_form (3.1.0.rc2)
      actionpack (~> 4.0)
      activemodel (~> 4.0)
    slop (3.6.0)
    sprockets (2.12.3)
      hike (~> 1.2)
      multi_json (~> 1.0)
      rack (~> 1.0)
      tilt (~> 1.1, != 1.3.0)
    sprockets-rails (2.2.0)
      actionpack (>= 3.0)
      activesupport (>= 3.0)
      sprockets (>= 2.8, < 4.0)
    sqlite3 (1.3.10)
    subexec (0.2.3)
    syntax (1.2.0)
    systemu (2.6.4)
    thin (1.6.3)
      daemons (~> 1.0, >= 1.0.9)
      eventmachine (~> 1.0)
      rack (~> 1.0)
    thor (0.19.1)
    thread_safe (0.3.4)
    tilt (1.4.1)
    tzinfo (1.2.2)
      thread_safe (~> 0.1)
    uuid (2.3.7)
      macaddr (~> 1.0)
    warden (1.2.3)
      rack (>= 1.0)
    websocket (1.2.1)
    will_paginate (3.0.7)
    xpath (2.0.0)
      nokogiri (~> 1.3)

PLATFORMS
  ruby

DEPENDENCIES
  aced_rails!
  byebug
  capybara (~> 2.4.3)
  database_cleaner (~> 1.3.0)
  dm_cms!
  dm_core!
  dm_ruby_extensions!
  factory_girl_rails (~> 4.4.1)
  faker (~> 1.4.3)
  jquery-rails
  jquery-ui-rails
  launchy (~> 2.4.2)
  mocha (~> 1.1.0)
  preferences!
  rspec-formatter-webkit
  rspec-rails (~> 3.1.0)
  ruby-growl (~> 4.1)
  selenium-webdriver (~> 2.43.0)
  sqlite3
  syntax
  themes_for_rails!
  thin
